GIT
  remote: git://github.com/michaek/semantic_menu.git
  revision: 5298f586467cc9a91e85befcca673b8406c8846f
  specs:
    semantic_menu (0.1.0)

GIT
  remote: https://github.com/bitzesty/bootstrap_form.git
  revision: 1b33bf01c7daf56bb42e3f944d745ee25d620cca
  specs:
    simple_form (1.5.0.dev)
      actionpack (~> 3.0)
      activemodel (~> 3.0)

GEM
  remote: http://rubygems.org/
  specs:
    actionmailer (3.1.11)
      actionpack (= 3.1.11)
      mail (~> 2.3.3)
    actionpack (3.1.11)
      activemodel (= 3.1.11)
      activesupport (= 3.1.11)
      builder (~> 3.0.0)
      erubis (~> 2.7.0)
      i18n (~> 0.6)
      rack (~> 1.3.6)
      rack-cache (~> 1.2)
      rack-mount (~> 0.8.2)
      rack-test (~> 0.6.1)
      sprockets (~> 2.0.4)
    activemodel (3.1.11)
      activesupport (= 3.1.11)
      builder (~> 3.0.0)
      i18n (~> 0.6)
    activerecord (3.1.11)
      activemodel (= 3.1.11)
      activesupport (= 3.1.11)
      arel (~> 2.2.3)
      tzinfo (~> 0.3.29)
    activeresource (3.1.11)
      activemodel (= 3.1.11)
      activesupport (= 3.1.11)
    activesupport (3.1.11)
      multi_json (~> 1.0)
    addressable (2.3.4)
    arel (2.2.3)
    bcrypt-ruby (3.0.1)
    bson (1.9.0)
    bson_ext (1.9.0)
      bson (~> 1.9.0)
    builder (3.0.4)
    cancan (1.6.10)
    capybara (2.1.0)
      mime-types (>= 1.16)
      nokogiri (>= 1.3.3)
      rack (>= 1.0.0)
      rack-test (>= 0.5.4)
      xpath (~> 2.0)
    coderay (1.0.9)
    coffee-rails (3.1.1)
      coffee-script (>= 2.2.0)
      railties (~> 3.1.0)
    coffee-script (2.2.0)
      coffee-script-source
      execjs
    coffee-script-source (1.6.2)
    cucumber (1.3.2)
      builder (>= 2.1.2)
      diff-lcs (>= 1.1.3)
      gherkin (~> 2.12.0)
      multi_json (~> 1.3)
    cucumber-rails (1.3.1)
      capybara (>= 1.1.2)
      cucumber (>= 1.2.0)
      nokogiri (>= 1.5.0)
      rails (~> 3.0)
    database_cleaner (1.0.1)
    devise (2.2.4)
      bcrypt-ruby (~> 3.0)
      orm_adapter (~> 0.1)
      railties (~> 3.1)
      warden (~> 1.2.1)
    diff-lcs (1.2.4)
    erubis (2.7.0)
    execjs (1.4.0)
      multi_json (~> 1.0)
    ey_config (0.0.6)
    fabrication (2.7.2)
    faker (1.1.2)
      i18n (~> 0.5)
    gherkin (2.12.0)
      multi_json (~> 1.3)
    hackety_hack-lessons (1.1.2)
      metadown
    haml (4.0.3)
      tilt
    haml-rails (0.4)
      actionpack (>= 3.1, < 4.1)
      activesupport (>= 3.1, < 4.1)
      haml (>= 3.1, < 4.1)
      railties (>= 3.1, < 4.1)
    has_scope (0.5.1)
    hike (1.2.3)
    i18n (0.6.4)
    inherited_resources (1.4.0)
      has_scope (~> 0.5.0)
      responders (~> 0.9)
    jquery-rails (3.0.1)
      railties (>= 3.0, < 5.0)
      thor (>= 0.14, < 2.0)
    json (1.8.0)
    kgio (2.8.0)
    launchy (2.3.0)
      addressable (~> 2.3)
    mail (2.3.3)
      i18n (>= 0.4.0)
      mime-types (~> 1.16)
      treetop (~> 1.4.8)
    metaclass (0.0.1)
    metadown (1.0.1)
      redcarpet
    method_source (0.8.1)
    mime-types (1.23)
    mini_portile (0.5.0)
    mm-devise (2.0)
      devise (>= 1.2)
      mongo_mapper (>= 0.9.0)
    mocha (0.14.0)
      metaclass (~> 0.0.1)
    mongo (1.9.0)
      bson (~> 1.9.0)
    mongo_mapper (0.12.0)
      activemodel (~> 3.0)
      activesupport (~> 3.0)
      plucky (~> 0.5.2)
    multi_json (1.7.6)
    nokogiri (1.6.0)
      mini_portile (~> 0.5.0)
    orm_adapter (0.4.0)
    pg (0.15.1)
    plucky (0.5.2)
      mongo (~> 1.5)
    polyglot (0.3.3)
    pry (0.9.12.2)
      coderay (~> 1.0.5)
      method_source (~> 0.8)
      slop (~> 3.4)
    rack (1.3.10)
    rack-cache (1.2)
      rack (>= 0.4)
    rack-mount (0.8.3)
      rack (>= 1.0.0)
    rack-ssl (1.3.3)
      rack
    rack-test (0.6.2)
      rack (>= 1.0)
    rails (3.1.11)
      actionmailer (= 3.1.11)
      actionpack (= 3.1.11)
      activerecord (= 3.1.11)
      activeresource (= 3.1.11)
      activesupport (= 3.1.11)
      bundler (~> 1.0)
      railties (= 3.1.11)
    railties (3.1.11)
      actionpack (= 3.1.11)
      activesupport (= 3.1.11)
      rack-ssl (~> 1.3.2)
      rake (>= 0.8.7)
      rdoc (~> 3.4)
      thor (~> 0.14.6)
    raindrops (0.11.0)
    rake (10.0.4)
    rdiscount (2.1.6)
    rdoc (3.12.2)
      json (~> 1.4)
    redcarpet (2.3.0)
    responders (0.9.3)
      railties (~> 3.1)
    rspec-core (2.13.1)
    rspec-expectations (2.13.0)
      diff-lcs (>= 1.1.3, < 2.0)
    rspec-mocks (2.13.1)
    rspec-rails (2.13.2)
      actionpack (>= 3.0)
      activesupport (>= 3.0)
      railties (>= 3.0)
      rspec-core (~> 2.13.0)
      rspec-expectations (~> 2.13.0)
      rspec-mocks (~> 2.13.0)
    sass (3.2.9)
    sass-rails (3.1.7)
      actionpack (~> 3.1.0)
      railties (~> 3.1.0)
      sass (>= 3.1.10)
      tilt (~> 1.3.2)
    slop (3.4.5)
    sprockets (2.0.4)
      hike (~> 1.2)
      rack (~> 1.0)
      tilt (~> 1.1, != 1.3.0)
    sqlite3 (1.3.7)
    thor (0.14.6)
    tilt (1.3.7)
    treetop (1.4.14)
      polyglot
      polyglot (>= 0.3.1)
    tzinfo (0.3.37)
    uglifier (2.1.1)
      execjs (>= 0.3.0)
      multi_json (~> 1.0, >= 1.0.2)
    unicorn (4.6.2)
      kgio (~> 2.6)
      rack
      raindrops (~> 0.7)
    warden (1.2.1)
      rack (>= 1.0)
    will_paginate (3.0.4)
    xpath (2.0.0)
      nokogiri (~> 1.3)

PLATFORMS
  ruby

DEPENDENCIES
  bson_ext
  cancan
  coffee-rails (~> 3.1.0)
  cucumber-rails
  database_cleaner
  devise (~> 2.2.2)
  execjs
  ey_config
  fabrication
  faker
  hackety_hack-lessons (~> 1.1)
  haml-rails
  inherited_resources
  jquery-rails
  json
  launchy
  mm-devise (~> 2.0)
  mocha
  mongo
  mongo_mapper
  pg
  pry
  rails (= 3.1.11)
  rdiscount
  rspec-rails
  sass-rails (~> 3.1.0)
  semantic_menu!
  simple_form!
  sqlite3
  uglifier
  unicorn
  will_paginate
